GEM
  specs:
    byebug (11.1.3)
    minitest (5.15.0)

PLATFORMS
  x86_64-linux

DEPENDENCIES
  byebug
  minitest (~> 5.8, >= 5.8.4)

BUNDLED WITH
   2.3.25
